GEM
  remote: https://rubygems.org/
  specs:
    citrus (3.0.2)
    debian-control-parser (1.0)
    domain_name (0.5.20160826)
      unf (>= 0.0.5, < 1.0.0)
    ffi (1.9.14)
    ffi (1.9.14-java)
    http-cookie (1.0.2)
      domain_name (~> 0.5)
    io-like (0.3.0)
    mechanize (2.7.5)
      domain_name (~> 0.5, >= 0.5.1)
      http-cookie (~> 1.0)
      mime-types (>= 1.17.2)
      net-http-digest_auth (~> 1.1, >= 1.1.1)
      net-http-persistent (~> 2.5, >= 2.5.2)
      nokogiri (~> 1.6)
      ntlm-http (~> 0.1, >= 0.1.1)
      webrobots (>= 0.0.9, < 0.2)
    mime-types (3.1)
      mime-types-data (~> 3.2015)
    mime-types-data (3.2016.0521)
    mini_portile2 (2.5.3)
    net-http-digest_auth (1.4)
    net-http-persistent (2.9.4)
    nokogiri (1.11.7)
      mini_portile2 (~> 2.5.0)
      racc (~> 1.4)
    nokogiri (1.11.7-java)
      racc (~> 1.4)
    ntlm-http (0.1.1)
    racc (1.5.2)
    racc (1.5.2-java)
    ruby-xz (0.2.3)
      ffi (~> 1.9)
      io-like (~> 0.3)
    toml-rb (0.3.14)
      citrus (~> 3.0, > 3.0)
    unf (0.1.4)
      unf_ext
    unf (0.1.4-java)
    unf_ext (0.0.7.2)
    webrobots (0.1.2)

PLATFORMS
  java
  ruby

DEPENDENCIES
  debian-control-parser
  mechanize
  ruby-xz
  toml-rb

BUNDLED WITH
   1.13.0
